GEM
  remote: https://rubygems.org/
  specs:
    addressable (2.5.2)
      public_suffix (>= 2.0.2, < 4.0)
    concurrent-ruby (1.1.8)
    deep_merge (1.2.1)
    domain_name (0.5.20180417)
      unf (>= 0.0.5, < 1.0.0)
    facter (2.5.7)
    faraday (0.15.4)
      multipart-post (>= 1.2, < 3)
    fast_gettext (1.8.0)
    git (1.5.0)
    hiera (3.7.0)
    hocon (1.3.1)
    http-cookie (1.0.3)
      domain_name (~> 0.5)
    locale (2.1.3)
    mime-types (2.99.3)
    modulesync (0.10.0)
      git (~> 1.3)
      octokit (~> 4.0)
      puppet-blacksmith (~> 3.0)
      thor
    multi_json (1.15.0)
    multipart-post (2.0.0)
    netrc (0.11.0)
    octokit (4.13.0)
      sawyer (~> 0.8.0, >= 0.5.3)
    public_suffix (3.0.3)
    puppet (7.5.0)
      concurrent-ruby (~> 1.0)
      deep_merge (~> 1.0)
      facter (> 2.0.1, < 5)
      fast_gettext (~> 1.1)
      hiera (>= 3.2.1, < 4)
      locale (~> 2.1)
      multi_json (~> 1.10)
      puppet-resource_api (~> 1.5)
      scanf (~> 1.0)
      semantic_puppet (~> 1.0)
    puppet-blacksmith (3.4.0)
      puppet (>= 2.7.16)
      rest-client (~> 1.8.0)
    puppet-resource_api (1.8.13)
      hocon (>= 1.0)
    rest-client (1.8.0)
      http-cookie (>= 1.0.2, < 2.0)
      mime-types (>= 1.16, < 3.0)
      netrc (~> 0.7)
    sawyer (0.8.1)
      addressable (>= 2.3.5, < 2.6)
      faraday (~> 0.8, < 1.0)
    scanf (1.0.0)
    semantic_puppet (1.0.3)
    thor (0.20.3)
    unf (0.1.4)
      unf_ext
    unf_ext (0.0.7.5)

PLATFORMS
  ruby

DEPENDENCIES
  modulesync (= 0.10.0)

BUNDLED WITH
   2.0.2
